GEM
  remote: https://rubygems.org/
  specs:
    highline (1.7.10)
    json_pure (2.1.0)
    thor (0.20.0)
    vimgolf (0.4.8)
      highline
      json_pure
      thor (>= 0.14.6)

PLATFORMS
  ruby

DEPENDENCIES
  vimgolf

BUNDLED WITH
   1.14.6
